GIT
  remote: git://github.com/sinatra/sinatra-contrib.git
  revision: 270d33ef8a7c3a78284af61a56880395eaedc6d1
  specs:
    sinatra-contrib (1.4.0)
      backports (>= 2.0)
      eventmachine
      rack-protection
      rack-test
      sinatra (~> 1.4.0)
      tilt (~> 1.3)

GIT
  remote: git://github.com/sinatra/sinatra.git
  revision: ccbf20272ab516fda7c51a93344c8a46eb2f8b8f
  specs:
    sinatra (1.4.2)
      rack (~> 1.5, >= 1.5.2)
      rack-protection (~> 1.4)
      tilt (~> 1.3, >= 1.3.4)

GEM
  remote: http://rubygems.org/
  specs:
    activemodel (3.2.13)
      activesupport (= 3.2.13)
      builder (~> 3.0.0)
    activerecord (3.2.13)
      activemodel (= 3.2.13)
      activesupport (= 3.2.13)
      arel (~> 3.0.2)
      tzinfo (~> 0.3.29)
    activesupport (3.2.13)
      i18n (= 0.6.1)
      multi_json (~> 1.0)
    arel (3.0.2)
    awesome_print (1.1.0)
    backports (3.1.1)
    builder (3.0.4)
    coderay (1.0.9)
    daemons (1.1.9)
    eventmachine (1.0.3)
    haml (4.0.1)
      tilt
    i18n (0.6.1)
    iconv (1.0.2)
    method_source (0.8.1)
    multi_json (1.7.2)
    nokogiri (1.5.9)
    pg (0.14.1)
    pry (0.9.12)
      coderay (~> 1.0.5)
      method_source (~> 0.8)
      slop (~> 3.4)
    rack (1.5.2)
    rack-protection (1.5.0)
      rack
    rack-test (0.6.2)
      rack (>= 1.0)
    rake (0.9.6)
    sinatra-activerecord (1.2.2)
      activerecord (~> 3.0)
      sinatra (~> 1.0)
    slop (3.4.4)
    thin (1.5.1)
      daemons (>= 1.0.9)
      eventmachine (>= 0.12.6)
      rack (>= 1.0.0)
    tilt (1.3.6)
    tzinfo (0.3.37)
    will_paginate (3.0.4)

PLATFORMS
  ruby

DEPENDENCIES
  activerecord
  awesome_print
  haml
  iconv
  nokogiri
  pg
  pry
  rake
  sinatra!
  sinatra-activerecord
  sinatra-contrib!
  thin
  will_paginate (~> 3.0)
